GIT
  remote: git://github.com/adamcooper/vestal_versions
  revision: 6273df533f85014062e346cb1807b0531a809ee2
  specs:
    vestal_versions (1.2.2)
      activerecord (>= 3.0.0)
      activesupport (>= 3.0.0)

GIT
  remote: git://github.com/ccarruitero/text-format.git
  revision: 167a3b9468d14f8ebf47db4a6cb15d0958a5232f
  specs:
    text-format (1.0.0)
      text-hyphen (~> 1.4.1)

GIT
  remote: git://github.com/davidmm/immortal.git
  revision: 9f6c35a976b2b1c027c90482ad24359be0746ab5
  branch: postgresql_fix
  specs:
    immortal (0.1.6)
      activerecord (~> 3.0.3)

GIT
  remote: git://github.com/mislav/will_paginate.git
  revision: a2648e77294806e0e46395e0d3076adf9bee00a0
  branch: rails3
  specs:
    will_paginate (3.0.pre4)

GIT
  remote: git://github.com/teambox/activesupport-i18n-patch.git
  revision: 2e835783c0ea7062ad280b71b04060bd9b89e1a4
  specs:
    activesupport-i18n-patch (0.0.1)

GIT
  remote: git://github.com/teambox/choices.git
  revision: 93d0cfb4e5fd4ae03b421b379a69ee00721f337b
  specs:
    choices (0.2.4)
      hashie (>= 0.4.0)

GIT
  remote: https://github.com/teambox/permalink_fu.git
  revision: 43afbdf02c0f56b698e3615612e58c07b978ec54
  specs:
    teambox-permalink_fu (1.0.3)

GEM
  remote: https://rubygems.org/
  specs:
    SystemTimer (1.2.3)
    abstract (1.0.0)
    actionmailer (3.0.20)
      actionpack (= 3.0.20)
      mail (~> 2.2.19)
    actionpack (3.0.20)
      activemodel (= 3.0.20)
      activesupport (= 3.0.20)
      builder (~> 2.1.2)
      erubis (~> 2.6.6)
      i18n (~> 0.5.0)
      rack (~> 1.2.5)
      rack-mount (~> 0.6.14)
      rack-test (~> 0.5.7)
      tzinfo (~> 0.3.23)
    active_reload (0.6.1)
    activemodel (3.0.20)
      activesupport (= 3.0.20)
      builder (~> 2.1.2)
      i18n (~> 0.5.0)
    activerecord (3.0.20)
      activemodel (= 3.0.20)
      activesupport (= 3.0.20)
      arel (~> 2.0.10)
      tzinfo (~> 0.3.23)
    activeresource (3.0.20)
      activemodel (= 3.0.20)
      activesupport (= 3.0.20)
    activesupport (3.0.20)
    addressable (2.3.5)
    arel (2.0.10)
    aws-s3 (0.6.3)
      builder
      mime-types
      xml-simple
    barista (1.3.0)
      coffee-script (~> 2.2)
    builder (2.1.2)
    cancan (1.4.1)
    capybara (0.4.1.2)
      celerity (>= 0.7.9)
      culerity (>= 0.2.4)
      mime-types (>= 1.16)
      nokogiri (>= 1.3.3)
      rack (>= 1.0.0)
      rack-test (>= 0.5.4)
      selenium-webdriver (>= 0.0.27)
      xpath (~> 0.1.3)
    celerity (0.9.2)
    childprocess (0.3.9)
      ffi (~> 1.0, >= 1.0.11)
    chronic (0.10.2)
    cocaine (0.3.2)
    coffee-script (2.2.0)
      coffee-script-source
      execjs
    coffee-script-source (1.6.3)
    configuration (1.3.2)
    cssmin (1.0.3)
    cucumber (0.10.7)
      builder (>= 2.1.2)
      diff-lcs (>= 1.1.2)
      gherkin (~> 2.4.0)
      json (>= 1.4.6)
      term-ansicolor (>= 1.0.5)
    cucumber-rails (0.3.2)
      cucumber (>= 0.8.0)
    culerity (0.2.15)
    daemons (1.1.9)
    database_cleaner (0.6.7)
    diff-lcs (1.1.3)
    erubis (2.6.6)
      abstract (>= 1.0.0)
    eventmachine (1.0.3)
    execjs (2.0.2)
    factory_girl (1.3.3)
    faker (1.2.0)
      i18n (~> 0.5)
    faraday (0.7.6)
      addressable (~> 2.2)
      multipart-post (~> 1.1)
      rack (~> 1.1)
    ffi (1.9.0)
    fuubar (1.2.1)
      rspec (~> 2.0)
      rspec-instafail (~> 0.2.0)
      ruby-progressbar (~> 1.0)
    gherkin (2.4.21)
      json (>= 1.4.6)
    haml (4.0.3)
      tilt
    hashie (2.0.5)
    headless (1.0.1)
    hpricot (0.8.6)
    i18n (0.5.0)
    icalendar (1.1.6)
    jammit (0.6.6)
      cssmin (>= 1.0.3)
      jsmin (>= 1.0.1)
    jsmin (1.0.1)
    json (1.8.0)
    launchy (0.3.7)
      configuration (>= 0.0.5)
      rake (>= 0.8.1)
    libxml-ruby (2.7.0)
    mail (2.2.20)
      activesupport (>= 2.3.6)
      i18n (>= 0.4.0)
      mime-types (~> 1.16)
      treetop (~> 1.4.8)
    memcache-client (1.8.5)
    mime-types (1.25)
    mini_portile (0.5.1)
    multi_json (1.0.4)
    multi_xml (0.4.4)
    multipart-post (1.2.0)
    net-ldap (0.3.1)
    nokogiri (1.6.0)
      mini_portile (~> 0.5.0)
    oa-core (0.3.2)
    oa-oauth (0.3.2)
      faraday (~> 0.7.3)
      multi_json (~> 1.0.0)
      multi_xml (~> 0.4.0)
      oa-core (= 0.3.2)
      oauth (~> 0.4.0)
      oauth2 (~> 0.5.0)
    oauth (0.4.7)
    oauth2 (0.5.2)
      faraday (~> 0.7)
      multi_json (~> 1.0)
    paperclip (2.7.5)
      activerecord (>= 2.3.0)
      activesupport (>= 2.3.2)
      cocaine (~> 0.3.0)
      mime-types
    pg (0.17.0)
    pickle (0.4.11)
      cucumber (>= 0.8)
      rake
    polyglot (0.3.3)
    rack (1.2.8)
    rack-mount (0.6.14)
      rack (>= 1.0.0)
    rack-ssl-enforcer (0.2.6)
    rack-test (0.5.7)
      rack (>= 1.0)
    rails (3.0.20)
      actionmailer (= 3.0.20)
      actionpack (= 3.0.20)
      activerecord (= 3.0.20)
      activeresource (= 3.0.20)
      activesupport (= 3.0.20)
      bundler (~> 1.0)
      railties (= 3.0.20)
    railties (3.0.20)
      actionpack (= 3.0.20)
      activesupport (= 3.0.20)
      rake (>= 0.8.7)
      rdoc (~> 3.4)
      thor (~> 0.14.4)
    rake (0.9.2)
    rdiscount (1.6.8)
    rdoc (3.12.2)
      json (~> 1.4)
    riddle (1.5.8)
    rspec (2.4.0)
      rspec-core (~> 2.4.0)
      rspec-expectations (~> 2.4.0)
      rspec-mocks (~> 2.4.0)
    rspec-core (2.4.0)
    rspec-expectations (2.4.0)
      diff-lcs (~> 1.1.2)
    rspec-instafail (0.2.4)
    rspec-mocks (2.4.0)
    rspec-rails (2.4.1)
      actionpack (~> 3.0)
      activesupport (~> 3.0)
      railties (~> 3.0)
      rspec (~> 2.4.0)
    ruby-progressbar (1.2.0)
    rubyzip (0.9.9)
    sass (3.2.12)
    selenium-webdriver (2.35.1)
      childprocess (>= 0.2.5)
      multi_json (~> 1.0)
      rubyzip (< 1.0.0)
      websocket (~> 1.0.4)
    simplecov (0.7.1)
      multi_json (~> 1.0)
      simplecov-html (~> 0.7.1)
    simplecov-html (0.7.1)
    sprockets (1.0.2)
    sprockets-rails (0.0.1)
      sprockets (>= 1.0.2)
    term-ansicolor (1.2.2)
      tins (~> 0.8)
    text-hyphen (1.4.1)
    thin (1.5.1)
      daemons (>= 1.0.9)
      eventmachine (>= 0.12.6)
      rack (>= 1.0.0)
    thinking-sphinx (2.0.1)
      activerecord (>= 3.0.3)
      riddle (>= 1.2.1)
    thor (0.14.6)
    tilt (1.4.1)
    timecop (0.6.3)
    tins (0.11.0)
    tmail (1.2.7.1)
    treetop (1.4.15)
      polyglot
      polyglot (>= 0.3.1)
    tzinfo (0.3.37)
    webrat (0.7.3)
      nokogiri (>= 1.2.0)
      rack (>= 1.0)
      rack-test (>= 0.5.3)
    websocket (1.0.7)
    whenever (0.4.2)
      chronic (>= 0.2.3)
    xml-simple (1.1.2)
    xpath (0.1.4)
      nokogiri (~> 1.3)

PLATFORMS
  ruby

DEPENDENCIES
  SystemTimer (~> 1.2.0)
  active_reload
  activesupport-i18n-patch!
  aws-s3 (~> 0.6.2)
  barista (~> 1.0)
  builder (~> 2.1.2)
  cancan (~> 1.4.1)
  capybara (~> 0.4.0)
  choices!
  cucumber (~> 0.10.0)
  cucumber-rails (~> 0.3.2)
  database_cleaner (~> 0.6.0)
  factory_girl (~> 1.3.2)
  faker
  fuubar
  haml
  headless
  hpricot (~> 0.8.2)
  i18n (>= 0.1.3)
  icalendar (~> 1.1.3)
  immortal!
  jammit
  json
  launchy (~> 0.3.7)
  libxml-ruby
  memcache-client (>= 1.7.4)
  net-ldap
  nokogiri
  oa-oauth
  paperclip (~> 2.7.5)
  pg
  pickle (~> 0.4.4)
  rack-ssl-enforcer
  rails (~> 3.0.20)
  rake (= 0.9.2)
  rdiscount (~> 1.6.3)
  rspec-rails (~> 2.4.1)
  sass
  simplecov
  sprockets (= 1.0.2)
  sprockets-rails (~> 0.0.1)
  teambox-permalink_fu!
  text-format!
  thin
  thinking-sphinx (= 2.0.1)
  tilt
  timecop
  tmail (~> 1.2.3)
  tzinfo (~> 0.3.12)
  vestal_versions (~> 1.2.2)!
  webrat
  whenever (~> 0.4.1)
  will_paginate!
